GEM
  remote: https://rubygems.org/
  specs:
    activemodel (3.2.12)
      activesupport (= 3.2.12)
      builder (~> 3.0.0)
    activerecord (3.2.12)
      activemodel (= 3.2.12)
      activesupport (= 3.2.12)
      arel (~> 3.0.2)
      tzinfo (~> 0.3.29)
    activesupport (3.2.12)
      i18n (~> 0.6)
      multi_json (~> 1.0)
    arel (3.0.2)
    builder (3.0.4)
    database_cleaner (1.0.1)
    factory_girl (4.2.0)
      activesupport (>= 3.0.0)
    i18n (0.6.4)
    mail (2.5.3)
      i18n (>= 0.4.0)
      mime-types (~> 1.16)
      treetop (~> 1.4.8)
    metaclass (0.0.1)
    mime-types (1.22)
    minitest (5.0.2)
    mocha (0.14.0)
      metaclass (~> 0.0.1)
    multi_json (1.7.2)
    polyglot (0.3.3)
    rake (10.0.4)
    rest-client (1.6.7)
      mime-types (>= 1.16)
    sqlite3 (1.3.7)
    sqlite3 (1.3.7-x86-mingw32)
    treetop (1.4.12)
      polyglot
      polyglot (>= 0.3.1)
    tzinfo (0.3.37)
    win32-api (1.4.8-x86-mingw32)
    win32-service (0.7.2-x86-mingw32)
      windows-pr (>= 1.0.8)
    windows-api (0.4.2)
      win32-api (>= 1.4.5)
    windows-pr (1.2.2)
      win32-api (>= 1.4.5)
      windows-api (>= 0.3.0)

PLATFORMS
  ruby
  x86-mingw32

DEPENDENCIES
  activerecord (~> 3.2)
  activesupport
  database_cleaner
  factory_girl
  mail (~> 2.5)
  minitest
  mocha
  rake
  rest-client
  sqlite3 (~> 1.3)
  win32-service (~> 0.7)
